PATH
  remote: .
  specs:
    aoc (0.0.1)
      nokogiri (~> 1.6, >= 1.6.8)
      thor (~> 0.19.1)

GEM
  remote: https://rubygems.org/
  specs:
    mini_portile2 (2.4.0)
    minitest (5.13.0)
    nokogiri (1.10.5)
      mini_portile2 (~> 2.4.0)
    rake (13.0.1)
    thor (0.19.4)

PLATFORMS
  ruby

DEPENDENCIES
  aoc!
  bundler (~> 2.0.2)
  minitest (~> 5.0)
  rake (~> 13.0)

BUNDLED WITH
   2.0.2
